GIT
  remote: git@github.com:hayeah/rantly.git
  revision: 5fd48828724660963799558aa41e47549fda581d
  specs:
    rantly (0.3.0)

GEM
  remote: https://rubygems.org/
  specs:
    minitest (5.3.2)

PLATFORMS
  ruby

DEPENDENCIES
  minitest
  rantly!
